GEM
  remote: https://rubygems.org/
  specs:
    haml (4.0.7)
      tilt
    json (1.8.3)
    rack (1.6.4)
    rack-protection (1.5.3)
      rack
    rails_12factor (0.0.3)
      rails_serve_static_assets
      rails_stdout_logging
    rails_serve_static_assets (0.0.5)
    rails_stdout_logging (0.0.5)
    sinatra (1.4.7)
      rack (~> 1.5)
      rack-protection (~> 1.4)
      tilt (>= 1.3, < 3)
    tilt (2.0.5)

PLATFORMS
  ruby

DEPENDENCIES
  haml (~> 4.0)
  json (~> 1.8.3)
  rails_12factor
  sinatra (~> 1.4)

RUBY VERSION
   ruby 2.0.0

BUNDLED WITH
   2.0.2
